GEM
  remote: http://ruby.taobao.org/
  specs:
    activemodel (3.2.14)
      activesupport (= 3.2.14)
      builder (~> 3.0.0)
    activesupport (3.2.14)
      i18n (~> 0.6, >= 0.6.4)
      multi_json (~> 1.0)
    builder (3.0.4)
    faraday (0.8.8)
      multipart-post (~> 1.2.0)
    hashie (2.0.5)
    httpauth (0.2.0)
    i18n (0.6.5)
    json (1.8.0)
    jwt (0.1.8)
      multi_json (>= 1.5)
    mime-types (1.24)
    mongoid (3.1.4)
      activemodel (~> 3.2)
      moped (~> 1.4)
      origin (~> 1.0)
      tzinfo (~> 0.3.22)
    moped (1.5.0)
    multi_json (1.7.9)
    multi_xml (0.5.5)
    multipart-post (1.2.0)
    oauth2 (0.9.2)
      faraday (~> 0.8)
      httpauth (~> 0.2)
      jwt (~> 0.1.4)
      multi_json (~> 1.0)
      multi_xml (~> 0.5)
      rack (~> 1.2)
    origin (1.1.0)
    rack (1.5.2)
    rack-protection (1.5.0)
      rack
    rest-client (1.6.7)
      mime-types (>= 1.16)
    sass (3.2.10)
    sinatra (1.4.3)
      rack (~> 1.4)
      rack-protection (~> 1.4)
      tilt (~> 1.3, >= 1.3.4)
    slim (2.0.1)
      temple (~> 0.6.6)
      tilt (>= 1.3.3, < 2.1)
    temple (0.6.6)
    tilt (1.4.1)
    tzinfo (0.3.37)
    weibo_2 (0.1.4)
      hashie (~> 2.0.4)
      multi_json (~> 1.7.2)
      oauth2 (~> 0.9.1)
      rest-client (~> 1.6.7)

PLATFORMS
  ruby
  x86-mingw32

DEPENDENCIES
  json
  mongoid
  sass
  sinatra
  slim
  weibo_2
